GIT
  remote: https://github.com/zarkzork/error_page.git
  revision: 4260c83297ad114a898ad66b30688f07687f9af6
  specs:
    error-page (0.0.1)
      rack
      tilt

GEM
  remote: http://rubygems.org/
  specs:
    backports (2.2.1)
    chunky_png (1.2.0)
    compass (0.11.1)
      chunky_png (~> 1.1)
      fssm (>= 0.2.7)
      sass (~> 3.1)
    compass-960-plugin (0.10.3)
      compass (>= 0.10.0)
    escape_utils (0.2.3)
    fancy-buttons (1.1.1)
      compass (>= 0.11)
    fssm (0.2.7)
    haml (3.1.1)
    haml-more (0.5.1)
      haml (>= 2.2.20)
      monkey-lib (~> 0.5.2)
    html5-boilerplate (1.0.0)
      compass (>= 0.11.1)
    monkey-lib (0.5.4)
      backports
    rack (1.2.2)
    rack-contrib (1.1.0)
      rack (>= 0.9.1)
    rack-flash (0.1.1)
      rack
    sass (3.1.1)
    sinatra (1.2.6)
      rack (~> 1.1)
      tilt (>= 1.2.2, < 2.0)
    sinatra-content-for (0.2)
      sinatra
    tilt (1.3)
    warden (1.0.4)
      rack (>= 1.0)

PLATFORMS
  ruby

DEPENDENCIES
  compass
  compass-960-plugin
  error-page!
  escape_utils
  fancy-buttons
  haml
  haml-more
  html5-boilerplate
  rack
  rack-contrib
  rack-flash
  sinatra
  sinatra-content-for
  warden
